PATH
  remote: .
  specs:
    riddler (0.1.0)
      activesupport (~> 3.0.0)
      json
      rest-client

GEM
  remote: http://rubygems.org/
  specs:
    ZenTest (4.3.3)
    activesupport (3.0.1)
    diff-lcs (1.1.2)
    json (1.4.6)
    mime-types (1.16)
    rest-client (1.6.1)
      mime-types (>= 1.16)
    rspec (2.1.0)
      rspec-core (~> 2.1.0)
      rspec-expectations (~> 2.1.0)
      rspec-mocks (~> 2.1.0)
    rspec-core (2.1.0)
    rspec-expectations (2.1.0)
      diff-lcs (~> 1.1.2)
    rspec-mocks (2.1.0)

PLATFORMS
  ruby

DEPENDENCIES
  ZenTest
  activesupport (~> 3.0.0)
  json
  rest-client
  riddler!
  rspec
