GEM
  remote: http://rubygems.org/
  specs:
    ZenTest (4.3.3)
    json (1.4.3)
    mime-types (1.16)
    rest-client (1.6.0)
      mime-types (>= 1.16)
    rspec (1.3.0)

PLATFORMS
  ruby

DEPENDENCIES
  ZenTest
  json
  rest-client
  rspec
