GEM
  remote: http://rubygems.org/
  specs:
    activesupport (3.0.0.rc)
    i18n (0.4.1)
    mime-types (1.16)
    rest-client (1.6.0)
      mime-types (>= 1.16)

PLATFORMS
  ruby

DEPENDENCIES
  activesupport (>= 3.0.0.rc)
  i18n
  mime-types
  rest-client
