PATH
  remote: .
  specs:
    riddler (0.1.0)
      json
      rest-client

GEM
  remote: http://rubygems.org/
  specs:
    ZenTest (4.3.3)
    json (1.4.6)
    mime-types (1.16)
    rest-client (1.6.1)
      mime-types (>= 1.16)
    rspec (1.3.0)

PLATFORMS
  ruby

DEPENDENCIES
  ZenTest
  json
  rest-client
  riddler!
  rspec
